GEM
  remote: https://rubygems.org/
  specs:
    activesupport (7.1.3)
      base64
      bigdecimal
      concurrent-ruby (~> 1.0, >= 1.0.2)
      connection_pool (>= 2.2.5)
      drb
      i18n (>= 1.6, < 2)
      minitest (>= 5.1)
      mutex_m
      tzinfo (~> 2.0)
    addressable (2.8.6)
      public_suffix (>= 6.0)
    base64 (0.2.0)
    bigdecimal (3.1.6)
    concurrent-ruby (1.3.4)  # Updated from 1.2.3
    connection_pool (2.4.1)
    drb (2.2.1)
    faraday (2.9.0)
      faraday-net_http (>= 2.0, < 3.2)
    faraday-net_http (3.1.0)
      net-http
    ffi (1.17.1)
    forwardable-extended (2.6.0)
    google-protobuf (4.29.3)
    html-pipeline (2.14.3)
      activesupport (>= 2)
      nokogiri (>= 1.4)
    i18n (1.14.1)
      concurrent-ruby (~> 1.0)
    jekyll (4.3.3)
      addressable (~> 2.4)
      colorator (~> 1.0)
      em-websocket (~> 0.5)
      i18n (~> 1.0)
      jekyll-sass-converter (>= 2.0, < 4.0)
      jekyll-watch (~> 2.0)
      kramdown (~> 2.3)
      kramdown-parser-gfm (~> 1.0)
      liquid (~> 4.0)
      mercenary (>= 0.3.6, < 0.5)
      pathutil (~> 0.9)
      rouge (>= 3.0, < 5.0)
      safe_yaml (~> 1.0)
      terminal-table (>= 1.8, < 4.0)
      webrick (~> 1.7)
    jekyll-feed (0.17.0)
      jekyll (>= 3.7, < 5.0)
    jekyll-gist (1.5.0)
      octokit (~> 4.2)
    jekyll-mentions (1.6.0)
      html-pipeline (~> 2.3)
      jekyll (>= 3.7, < 5.0)
    jekyll-paginate (1.1.0)
    jekyll-sass-converter (3.1.0)  # Updated from 2.2.0
      sass-embedded (~> 1.54)
    jekyll-sitemap (1.4.0)
      jekyll (>= 3.7, < 5.0)
    jekyll-watch (2.2.1)
      listen (~> 3.0)
    kramdown (2.5.1)  # Updated from 2.4.0
      rexml
    kramdown-parser-gfm (1.1.0)
      kramdown (~> 2.0)
    liquid (4.0.4)
    listen (3.9.0)
      rb-fsevent (~> 0.10, >= 0.10.3)
      rb-inotify (~> 0.9, >= 0.9.10)
    mercenary (0.4.0)
    minitest (5.22.2)
    mutex_m (0.2.0)
    net-http (0.4.1)
      uri
    nokogiri (1.16.2)
      mini_portile2 (~> 2.8.2)
      racc (~> 1.4)
    octokit (4.25.1)
      faraday (>= 1, < 3)
      sawyer (~> 0.9)
    pathutil (0.16.2)
      forwardable-extended (~> 2.6)
    public_suffix (5.0.4)
    racc (1.7.3)
    rake (13.2.1)
    rb-fsevent (0.11.2)
    rb-inotify (0.11.1)  # Updated from 0.10.1
    rexml (3.4.1)  # Updated from 3.2.6
    rouge (4.5.1)  # Updated from 4.2.0
    safe_yaml (1.0.5)
    sass-embedded (1.85.1)
      google-protobuf (>= 3.25, < 5.0)
    sawyer (0.9.2)
      addressable (>= 2.3.5)
      faraday (>= 0.17.3, < 3)
    terminal-table (3.0.2)
      unicode-display_width (>= 1.1.1, < 3.0)
    tzinfo (2.0.6)
      concurrent-ruby (~> 1.0)
    unicode-display_width (2.6.0)  # Updated from 2.5.0
    uri (0.13.0)
    webrick (1.9.1)  # Updated from 1.8.1

PLATFORMS
  ruby
  x86_64-linux  # Updated to match your build environment

DEPENDENCIES
  jekyll (~> 4.3.3)
  jekyll-feed
  jekyll-gist
  jekyll-mentions
  jekyll-paginate
  jekyll-sitemap

BUNDLED WITH
  2.5.6